GIT
  remote: ./vendors/groupme
  revision: 2b517e8cce20f93aebe232fbfba080e7a9674801
  branch: solomonjames/updates
  specs:
    groupme (0.0.1)
      faraday (~> 0.8)
      faraday_middleware (~> 0.8)
      hashie (~> 1.2)
      multi_json (~> 1.3)
      simple_oauth (~> 0.2)

GEM
  remote: http://rubygems.org/
  specs:
    cinch (2.0.4)
    daemons (1.1.9)
    eventmachine (1.0.3)
    faraday (0.8.7)
      multipart-post (~> 1.1)
    faraday_middleware (0.9.0)
      faraday (>= 0.7.4, < 0.9)
    hashie (1.2.0)
    kgio (2.8.0)
    multi_json (1.7.4)
    multipart-post (1.2.0)
    rack (1.5.2)
    rack-protection (1.5.0)
      rack
    raindrops (0.11.0)
    redis (3.0.4)
    simple_oauth (0.2.0)
    sinatra (1.4.2)
      rack (~> 1.5, >= 1.5.2)
      rack-protection (~> 1.4)
      tilt (~> 1.3, >= 1.3.4)
    thin (1.5.1)
      daemons (>= 1.0.9)
      eventmachine (>= 0.12.6)
      rack (>= 1.0.0)
    tilt (1.4.1)
    unicorn (4.6.2)
      kgio (~> 2.6)
      rack
      raindrops (~> 0.7)

PLATFORMS
  ruby

DEPENDENCIES
  cinch (~> 2.0.4)
  groupme (= 0.0.1)!
  redis (~> 3.0.4)
  sinatra (~> 1.4.2)
  thin (~> 1.5.1)
  unicorn (~> 4.6.2)
